GEM
  remote: http://rubygems.org/
  specs:
    nokogiri (1.5.0)
    ruby-graphviz (1.0.3)

PLATFORMS
  ruby

DEPENDENCIES
  nokogiri
  ruby-graphviz
