GEM
  remote: http://rubygems.org/
  specs:
    ffi (1.0.11)
    guard (1.0.0)
      ffi (>= 0.5.0)
      thor (~> 0.14.6)
    guard-redcarpet (0.0.1)
      guard (>= 0.8.8)
      redcarpet (>= 2.0.0b5)
    nokogiri (1.5.0)
    redcarpet (2.1.0)
    ruby-graphviz (1.0.3)
    thor (0.14.6)

PLATFORMS
  ruby

DEPENDENCIES
  guard
  guard-redcarpet
  nokogiri
  ruby-graphviz
